GEM
  remote: http://rubygems.org/
  specs:
    addressable (2.2.8)
    albino (1.3.3)
      posix-spawn (>= 0.3.6)
    awesome_print (1.0.2)
    classifier (1.3.3)
      fast-stemmer (>= 1.0.0)
    cloudapp (1.1.0)
      addressable
      faraday (~> 0.8.0.rc2)
      gli
      highline
      leadlight (~> 0.0.5)
      typhoeus
    coderay (1.0.6)
    colored (1.2)
    colorize (0.5.8)
    directory_watcher (1.4.1)
    fail-fast (1.0.0)
    faraday (0.8.0)
      multipart-post (~> 1.1)
    fast-stemmer (1.0.1)
    fattr (2.2.1)
    gist (3.1.0)
    git (1.2.5)
    git-smart (0.1.9)
      colorize
    gli (1.6.0)
    highline (1.6.12)
    hookr (1.1.1)
      fail-fast (= 1.0.0)
    jekyll (0.11.2)
      albino (~> 1.3)
      classifier (~> 1.3)
      directory_watcher (~> 1.1)
      kramdown (~> 0.13)
      liquid (~> 2.3)
      maruku (~> 0.5)
    kramdown (0.13.6)
    leadlight (0.0.5)
      addressable
      faraday
      fattr
      hookr
      link_header
      mime-types
      multi_json (~> 1.0.4)
    link_header (0.0.5)
    liquid (2.3.0)
    maruku (0.6.0)
      syntax (>= 1.0.0)
    method_source (0.7.1)
    mime-types (1.18)
    multi_json (1.0.4)
    multipart-post (1.1.5)
    posix-spawn (0.3.6)
    pry (0.9.9.6)
      coderay (~> 1.0.5)
      method_source (~> 0.7.1)
      slop (>= 2.4.4, < 3)
    rack (1.4.1)
    rack-protection (1.2.0)
      rack
    sinatra (1.3.2)
      rack (~> 1.3, >= 1.3.6)
      rack-protection (~> 1.2)
      tilt (~> 1.3, >= 1.3.3)
    slop (2.4.4)
    syntax (1.0.0)
    tilt (1.3.3)
    typhoeus (0.3.3)
      mime-types

PLATFORMS
  ruby

DEPENDENCIES
  awesome_print
  cloudapp
  colored
  gist
  git
  git-smart
  jekyll
  pry
  sinatra
